GEM
  remote: http://rubygems.org/
  specs:
    json (2.1.0)
    json_pure (2.1.0)
    mysql2 (0.4.9)
    rack (1.6.8)
    rack-protection (1.5.3)
      rack
    sinatra (1.4.8)
      rack (~> 1.5)
      rack-protection (~> 1.4)
      tilt (>= 1.3, < 3)
    tilt (2.0.8)
    vault (0.10.1)

PLATFORMS
  ruby

DEPENDENCIES
  json
  json_pure
  mysql2
  rack
  sinatra
  vault

BUNDLED WITH
   1.14.6
